NUGET
  remote: https://nuget.org/api/v2
  specs:
    FAKE (3.17.2)
    FSharp.Compiler.Service (0.0.82)
    FSharp.Formatting (2.7.4)
      FSharp.Compiler.Service (>= 0.0.82)
      FSharpVSPowerTools.Core (>= 1.7.0)
    FSharpVSPowerTools.Core (1.7.0)
      FSharp.Compiler.Service (>= 0.0.81)
    FsUnit (1.3.0.1)
      NUnit (>= 2.6.3)
    Http.fs (1.5.1)
    Microsoft.Bcl (1.1.9)
      Microsoft.Bcl.Build (>= 1.0.14)
    Microsoft.Bcl.Build (1.0.21)
    Microsoft.Net.Http (2.2.28)
      Microsoft.Bcl (>= 1.1.9)
      Microsoft.Bcl.Build (>= 1.0.14)
    NuGet.CommandLine (2.8.3)
    NUnit (2.6.4)
    NUnit.Runners (2.6.4)
    Octokit (0.6.2)
      Microsoft.Net.Http
    Serilog (1.4.182)
    Serilog.Extras.FSharp (1.4.182)
      Serilog (>= 1.4.182)
    Serilog.Extras.Topshelf (1.4.182)
      Serilog (>= 1.4.182)
      Topshelf (>= 3.1.4)
    SourceLink.Fake (0.4.2)
    StatsdClient (1.0.0.17)
    Topshelf (3.1.4)
    Topshelf.FSharp (1.0.0)
      Topshelf (>= 3.1.3)
GITHUB
  remote: fsharp/FAKE
  specs:
    modules/Octokit/Octokit.fsx (fc8d363d6086beb4f209805ebb49f5615c3651d0)
      Octokit